PATH
  remote: .
  specs:
    method_source (0.9.0)

GEM
  remote: https://rubygems.org/
  specs:
    diff-lcs (1.3)
    rake (0.9.6)
    rspec (3.7.0)
      rspec-core (~> 3.7.0)
      rspec-expectations (~> 3.7.0)
      rspec-mocks (~> 3.7.0)
    rspec-core (3.7.0)
      rspec-support (~> 3.7.0)
    rspec-expectations (3.7.0)
      diff-lcs (>= 1.2.0, < 2.0)
      rspec-support (~> 3.7.0)
    rspec-mocks (3.7.0)
      diff-lcs (>= 1.2.0, < 2.0)
      rspec-support (~> 3.7.0)
    rspec-support (3.7.0)

PLATFORMS
  ruby

DEPENDENCIES
  method_source!
  rake (~> 0.9)
  rspec (~> 3.6)

BUNDLED WITH
   1.14.6
